GEM
  remote: http://rubygems.org/
  specs:
    activemodel (3.1.3)
      activesupport (= 3.1.3)
      builder (~> 3.0.0)
      i18n (~> 0.6)
    activesupport (3.1.3)
      multi_json (~> 1.0)
    addressable (2.2.6)
    async_sinatra (0.5.0)
      rack (>= 1.2.1)
      sinatra (>= 1.0)
    backports (2.3.0)
    bson (1.5.2)
    bson_ext (1.5.2)
      bson (= 1.5.2)
    builder (3.0.0)
    cloudq (0.0.8)
      async_sinatra
      bson_ext
      bundler
      eventmachine (>= 1.0.0.beta.3)
      mongo_mapper
      sinatra
      thin
      workflow
    cloudq_client (0.0.6)
      backports
      json
      rest-client (>= 1.6.1)
    daemons (1.1.5)
    eventmachine (1.0.0.beta.4)
    faraday (0.7.5)
      addressable (~> 2.2.6)
      multipart-post (~> 1.1.3)
      rack (>= 1.1.0, < 2)
    haml (3.1.4)
    i18n (0.6.0)
    json (1.6.4)
    mime-types (1.17.2)
    mongo (1.5.2)
      bson (= 1.5.2)
    mongo_mapper (0.10.1)
      activemodel (~> 3.0)
      activesupport (~> 3.0)
      plucky (~> 0.4.0)
    multi_json (1.0.4)
    multipart-post (1.1.4)
    plucky (0.4.3)
      mongo (~> 1.3)
    rack (1.4.0)
    rack-protection (1.2.0)
      rack
    rest-client (1.6.7)
      mime-types (>= 1.16)
    simple_oauth (0.1.5)
    sinatra (1.3.2)
      rack (~> 1.3, >= 1.3.6)
      rack-protection (~> 1.2)
      tilt (~> 1.3, >= 1.3.3)
    thin (1.3.1)
      daemons (>= 1.0.9)
      eventmachine (>= 0.12.6)
      rack (>= 1.0.0)
    tilt (1.3.3)
    twitter (2.0.2)
      activesupport (>= 2.3.9, < 4)
      faraday (~> 0.7)
      multi_json (~> 1.0)
      simple_oauth (~> 0.1)
    workflow (0.8.1)

PLATFORMS
  ruby

DEPENDENCIES
  cloudq
  cloudq_client
  haml
  mongo
  mongo_mapper
  sinatra
  twitter
